GEM
  remote: http://rubygems.org/
  specs:
    addressable (2.8.3)
      public_suffix (>= 2.0.2, < 6.0)
    crack (0.4.5)
      rexml
    diff-lcs (1.1.3)
    fakefs (0.4.0)
    hashdiff (1.0.1)
    heroku (3.99.4)
    public_suffix (5.0.1)
    rake (13.0.6)
    rexml (3.2.5)
    rr (1.0.4)
    rspec (2.10.0)
      rspec-core (~> 2.10.0)
      rspec-expectations (~> 2.10.0)
      rspec-mocks (~> 2.10.0)
    rspec-core (2.10.1)
    rspec-expectations (2.10.0)
      diff-lcs (~> 1.1.3)
    rspec-mocks (2.10.1)
    sqlite3 (1.3.5)
    webmock (3.18.1)
      addressable (>= 2.8.0)
      crack (>= 0.3.2)
      hashdiff (>= 0.4.0, < 2.0.0)

PLATFORMS
  ruby

DEPENDENCIES
  fakefs
  heroku (>= 3.99.4)
  rake (>= 12.3.3)
  rr (~> 1.0.2)
  rspec (>= 2.0)
  sqlite3
  webmock

BUNDLED WITH
   2.1.4
